FRAMEWORK: >= NET45
NUGET
  remote: https://www.nuget.org/api/v2
  specs:
    NUnit (2.6.4)
    Togglez (0.0.6)
